GIT
  remote: https://github.com/18F/identity-hostdata.git
  revision: 96c08e8ea8c58cdde45de62d0f269c8b19bf1724
  branch: master
  specs:
    identity-hostdata (0.3.2)
      aws-sdk-core (~> 2.10.23)

GEM
  remote: https://rubygems.org/
  specs:
    aws-sdk-core (2.10.54)
      aws-sigv4 (~> 1.0)
      jmespath (~> 1.0)
    aws-sigv4 (1.0.2)
    hashie (3.5.7)
    jmespath (1.3.1)
    metaclass (0.0.4)
    mini_portile2 (2.3.0)
    mocha (1.5.0)
      metaclass (~> 0.0.1)
    mustermann (1.0.2)
    nokogiri (1.8.2)
      mini_portile2 (~> 2.3.0)
    power_assert (1.1.1)
    rack (2.0.5)
    rack-protection (2.0.3)
      rack
    rack-test (1.0.0)
      rack (>= 1.0, < 3)
    ruby-saml (1.7.2)
      nokogiri (>= 1.5.10)
    sinatra (2.0.3)
      mustermann (~> 1.0)
      rack (~> 2.0)
      rack-protection (= 2.0.3)
      tilt (~> 2.0)
    test-unit (3.2.7)
      power_assert
    tilt (2.0.8)

PLATFORMS
  ruby

DEPENDENCIES
  hashie
  identity-hostdata!
  mocha
  rack-test
  ruby-saml
  sinatra (>= 2.0.2)
  test-unit

RUBY VERSION
   ruby 2.3.5p376

BUNDLED WITH
   1.16.1
