GIT
  remote: https://github.com/18F/identity-hostdata.git
  revision: 4340185470fdf07c5d06658c2aa5ce6c904bb898
  branch: master
  specs:
    identity-hostdata (0.3.2)
      aws-sdk-s3 (~> 1.8)

GEM
  remote: https://rubygems.org/
  specs:
    aws-eventstream (1.0.1)
    aws-partitions (1.104.0)
    aws-sdk-core (3.27.0)
      aws-eventstream (~> 1.0)
      aws-partitions (~> 1.0)
      aws-sigv4 (~> 1.0)
      jmespath (~> 1.0)
    aws-sdk-kms (1.9.0)
      aws-sdk-core (~> 3, >= 3.26.0)
      aws-sigv4 (~> 1.0)
    aws-sdk-s3 (1.20.0)
      aws-sdk-core (~> 3, >= 3.26.0)
      aws-sdk-kms (~> 1)
      aws-sigv4 (~> 1.0)
    aws-sigv4 (1.0.3)
    hashie (3.6.0)
    jmespath (1.4.0)
    metaclass (0.0.4)
    mini_portile2 (2.3.0)
    mocha (1.7.0)
      metaclass (~> 0.0.1)
    mustermann (1.0.3)
    nokogiri (1.8.5)
      mini_portile2 (~> 2.3.0)
    power_assert (1.1.3)
    rack (2.0.5)
    rack-protection (2.0.4)
      rack
    rack-test (1.1.0)
      rack (>= 1.0, < 3)
    ruby-saml (1.9.0)
      nokogiri (>= 1.5.10)
    sinatra (2.0.4)
      mustermann (~> 1.0)
      rack (~> 2.0)
      rack-protection (= 2.0.4)
      tilt (~> 2.0)
    test-unit (3.2.8)
      power_assert
    tilt (2.0.8)

PLATFORMS
  ruby

DEPENDENCIES
  hashie
  identity-hostdata!
  mocha
  rack-test
  ruby-saml (>= 1.9.0)
  sinatra
  test-unit

RUBY VERSION
   ruby 2.3.5p376

BUNDLED WITH
   1.16.6
