GIT
  remote: https://github.com/18F/identity-hostdata.git
  revision: b5587588601670f762bbc79f0f4a8468064d9401
  branch: master
  specs:
    identity-hostdata (0.3.3)
      aws-sdk-s3 (~> 1.8)

GEM
  remote: https://rubygems.org/
  specs:
    aws-eventstream (1.0.1)
    aws-partitions (1.142.0)
    aws-sdk-core (3.46.2)
      aws-eventstream (~> 1.0)
      aws-partitions (~> 1.0)
      aws-sigv4 (~> 1.0)
      jmespath (~> 1.0)
    aws-sdk-kms (1.13.0)
      aws-sdk-core (~> 3, >= 3.39.0)
      aws-sigv4 (~> 1.0)
    aws-sdk-s3 (1.30.1)
      aws-sdk-core (~> 3, >= 3.39.0)
      aws-sdk-kms (~> 1)
      aws-sigv4 (~> 1.0)
    aws-sigv4 (1.0.3)
    coderay (1.1.2)
    dotenv (2.7.5)
    hashie (3.6.0)
    jmespath (1.4.0)
    metaclass (0.0.4)
    method_source (0.9.2)
    mini_portile2 (2.4.0)
    mocha (1.7.0)
      metaclass (~> 0.0.1)
    mustermann (1.0.3)
    nokogiri (1.10.8)
      mini_portile2 (~> 2.4.0)
    power_assert (1.1.3)
    pry (0.12.2)
      coderay (~> 1.1.0)
      method_source (~> 0.9.0)
    rack (2.2.3)
    rack-protection (2.0.4)
      rack
    rack-test (1.1.0)
      rack (>= 1.0, < 3)
    rake (13.0.1)
    ruby-saml (1.9.0)
      nokogiri (>= 1.5.10)
    sinatra (2.0.4)
      mustermann (~> 1.0)
      rack (~> 2.0)
      rack-protection (= 2.0.4)
      tilt (~> 2.0)
    test-unit (3.2.8)
      power_assert
    tilt (2.0.8)

PLATFORMS
  ruby

DEPENDENCIES
  aws-sdk-s3 (~> 1.30)
  dotenv
  hashie
  identity-hostdata!
  mocha
  pry
  rack-test
  rake
  ruby-saml
  sinatra
  test-unit

RUBY VERSION
   ruby 2.6.5p114

BUNDLED WITH
   1.17.3
