GEM
  remote: https://rubygems.org/
  specs:
    dotenv (2.1.1)
    hashie (3.4.4)
    metaclass (0.0.4)
    mini_portile2 (2.1.0)
    mocha (1.1.0)
      metaclass (~> 0.0.1)
    nokogiri (1.6.8)
      mini_portile2 (~> 2.1.0)
      pkg-config (~> 1.1.7)
    pkg-config (1.1.7)
    power_assert (0.2.7)
    rack (1.6.4)
    rack-protection (1.5.3)
      rack
    rack-test (0.6.3)
      rack (>= 1.0)
    ruby-saml (1.3.0)
      nokogiri (>= 1.5.10)
    sinatra (1.4.7)
      rack (~> 1.5)
      rack-protection (~> 1.4)
      tilt (>= 1.3, < 3)
    test-unit (3.1.8)
      power_assert
    tilt (2.0.2)

PLATFORMS
  ruby

DEPENDENCIES
  dotenv
  hashie
  mocha
  rack-test
  ruby-saml
  sinatra
  test-unit

RUBY VERSION
   ruby 2.3.0p0

BUNDLED WITH
   1.12.5
