GEM
  remote: https://rubygems.org/
  specs:
    airbrussh (1.1.0)
      sshkit (>= 1.6.1, != 1.7.0)
    capistrano (3.6.0)
      airbrussh (>= 1.0.0)
      capistrano-harrow
      i18n
      rake (>= 10.0.0)
      sshkit (>= 1.9.0)
    capistrano-bundler (1.1.4)
      capistrano (~> 3.1)
      sshkit (~> 1.2)
    capistrano-harrow (0.5.3)
    capistrano-passenger (0.2.0)
      capistrano (~> 3.0)
    dotenv (2.1.1)
    hashie (3.4.4)
    i18n (0.7.0)
    metaclass (0.0.4)
    mini_portile2 (2.1.0)
    mocha (1.1.0)
      metaclass (~> 0.0.1)
    net-scp (1.2.1)
      net-ssh (>= 2.6.5)
    net-ssh (3.2.0)
    nokogiri (1.6.8)
      mini_portile2 (~> 2.1.0)
      pkg-config (~> 1.1.7)
    pkg-config (1.1.7)
    power_assert (0.2.7)
    rack (1.6.4)
    rack-protection (1.5.3)
      rack
    rack-test (0.6.3)
      rack (>= 1.0)
    rake (11.2.2)
    ruby-saml (1.3.0)
      nokogiri (>= 1.5.10)
    sinatra (1.4.7)
      rack (~> 1.5)
      rack-protection (~> 1.4)
      tilt (>= 1.3, < 3)
    sshkit (1.11.2)
      net-scp (>= 1.1.2)
      net-ssh (>= 2.8.0)
    test-unit (3.1.8)
      power_assert
    tilt (2.0.2)

PLATFORMS
  ruby

DEPENDENCIES
  capistrano
  capistrano-bundler
  capistrano-passenger
  dotenv
  hashie
  mocha
  rack-test
  ruby-saml
  sinatra
  test-unit

RUBY VERSION
   ruby 2.3.3p222

BUNDLED WITH
   1.13.6
