GEM
  remote: https://rubygems.org/
  specs:
    activesupport (6.1.7.5)
      concurrent-ruby (~> 1.0, >= 1.0.2)
      i18n (>= 1.6, < 2)
      minitest (>= 5.1)
      tzinfo (~> 2.0)
      zeitwerk (~> 2.3)
    aws-eventstream (1.0.1)
    aws-partitions (1.142.0)
    aws-sdk-core (3.46.2)
      aws-eventstream (~> 1.0)
      aws-partitions (~> 1.0)
      aws-sigv4 (~> 1.0)
      jmespath (~> 1.0)
    aws-sdk-kms (1.13.0)
      aws-sdk-core (~> 3, >= 3.39.0)
      aws-sigv4 (~> 1.0)
    aws-sdk-s3 (1.30.1)
      aws-sdk-core (~> 3, >= 3.39.0)
      aws-sdk-kms (~> 1)
      aws-sigv4 (~> 1.0)
    aws-sigv4 (1.0.3)
    coderay (1.1.2)
    concurrent-ruby (1.2.2)
    dotenv (2.7.5)
    hashie (3.6.0)
    i18n (1.14.1)
      concurrent-ruby (~> 1.0)
    jmespath (1.6.1)
    metaclass (0.0.4)
    method_source (0.9.2)
    mini_portile2 (2.8.5)
    minitest (5.19.0)
    mocha (1.7.0)
      metaclass (~> 0.0.1)
    mustermann (3.0.0)
      ruby2_keywords (~> 0.0.1)
    nio4r (2.7.0)
    nokogiri (1.16.2)
      mini_portile2 (~> 2.8.2)
      racc (~> 1.4)
    power_assert (2.0.2)
    pry (0.12.2)
      coderay (~> 1.1.0)
      method_source (~> 0.9.0)
    puma (6.4.2)
      nio4r (~> 2.0)
    racc (1.7.3)
    rack (2.2.6.4)
    rack-protection (3.0.4)
      rack
    rack-test (2.0.2)
      rack (>= 1.3)
    rake (13.0.1)
    rexml (3.2.5)
    ruby-saml (1.14.0)
      nokogiri (>= 1.10.5)
      rexml
    ruby2_keywords (0.0.5)
    sinatra (3.0.4)
      mustermann (~> 3.0)
      rack (~> 2.2, >= 2.2.4)
      rack-protection (= 3.0.4)
      tilt (~> 2.0)
    test-unit (3.5.7)
      power_assert
    tilt (2.0.11)
    tzinfo (2.0.6)
      concurrent-ruby (~> 1.0)
    zeitwerk (2.6.11)

PLATFORMS
  ruby

DEPENDENCIES
  activesupport
  aws-sdk-s3 (~> 1.30)
  dotenv
  hashie
  mocha
  pry
  puma
  rack-test (>= 2.0.0)
  rake
  rexml
  ruby-saml (>= 1.9.0)
  sinatra (>= 3.0.4)
  test-unit

RUBY VERSION
   ruby 3.1.4p223

BUNDLED WITH
   2.2.33
